GIT
  remote: git://github.com/mojombo/jekyll.git
  revision: 0d6db1613f5bc251ef56e164890ef98fda2ff309
  specs:
    jekyll (1.4.0)
      classifier (~> 1.3)
      colorator (~> 0.1)
      liquid (~> 2.5.2)
      listen (~> 1.3)
      maruku (~> 0.7.0)
      mercenary (~> 0.2.0)
      pygments.rb (~> 0.5.0)
      redcarpet (~> 3.0)
      safe_yaml (~> 1.0)
      toml (~> 0.1.0)

GEM
  remote: http://rubygems.org/
  specs:
    blankslate (2.1.2.4)
    classifier (1.3.4)
      fast-stemmer (>= 1.0.0)
    colorator (0.1)
    fast-stemmer (1.0.2)
    ffi (1.9.3)
    liquid (2.5.5)
    listen (1.3.1)
      rb-fsevent (>= 0.9.3)
      rb-inotify (>= 0.9)
      rb-kqueue (>= 0.2)
    maruku (0.7.0)
    mercenary (0.2.1)
    parslet (1.5.0)
      blankslate (~> 2.0)
    posix-spawn (0.3.8)
    pygments.rb (0.5.4)
      posix-spawn (~> 0.3.6)
      yajl-ruby (~> 1.1.0)
    rb-fsevent (0.9.4)
    rb-inotify (0.9.3)
      ffi (>= 0.5.0)
    rb-kqueue (0.2.0)
      ffi (>= 0.5.0)
    rdiscount (2.1.7)
    redcarpet (3.0.0)
    rouge (1.3.1)
    safe_yaml (1.0.1)
    sass (3.2.13)
    toml (0.1.0)
      parslet (~> 1.5.0)
    yajl-ruby (1.1.0)

PLATFORMS
  ruby

DEPENDENCIES
  jekyll!
  rdiscount
  rouge
  sass
